{
	"TaskName": "ssvep",
	"Manufacturer": "BioSemi",
	"PowerLineFrequency": 50.0,
	"SamplingFrequency": 1024.0,
	"SoftwareFilters": "n/a",
	"RecordingDuration": 283.9052734375,
	"RecordingType": "continuous",
	"EEGReference": "CMS/DRL",
	"EEGGround": "CMS/DRL near Pz",
	"EEGPlacementScheme": "10-05 system",
	"EEGChannelCount": 31,
	"EOGChannelCount": 0,
	"ECGChannelCount": 0,
	"EMGChannelCount": 0,
	"TriggerChannelCount": 0,
	"ManufacturersModelName": "BioSemi ActiveTwo",
	"SoftwareVersions": "OpenViBE",
	"CapManufacturer": "BioSemi",
	"HardwareFilters": "n/a",
	"Instructions": "n/a",
	"InstitutionName": "Gwangju Institute of Science and Technology",
	"InstitutionAddress": "KR",
	"InstitutionalDepartmentName": "School of Electrical Engineering and Computer Science, GIST",
	"CapManufacturersModelName": "n/a",
	"SubjectArtefactDescription": "Impedance kept below 5 kOhm",
	"DeviceSerialNumber": "n/a",
	"Description": "EEG recording.",
	"MISCChannelCount": 0
}